GEM
  remote: https://rubygems.org/
  specs:
    kinetic_sdk (5.0.20)
      mime-types (>= 3.3.1)
      multipart-post (= 2.0.0)
      slugify (= 1.0.7)
    mime-types (3.4.1)
      mime-types-data (~> 3.2015)
    mime-types-data (3.2022.0105)
    multipart-post (2.0.0)
    slugify (1.0.7)

PLATFORMS
  java
  ruby
  x64-mingw32

DEPENDENCIES
  kinetic_sdk (= 5.0.20)

BUNDLED WITH
   1.17.3
